PATH
  remote: .
  specs:
    motion-deploygate (0.4.1)

GEM
  remote: https://rubygems.org/
  specs:
    rake (10.3.1)

PLATFORMS
  ruby

DEPENDENCIES
  motion-deploygate!
  rake
