PATH
  remote: .
  specs:
    motion-deploygate (0.4.1)
      dgate

GEM
  remote: https://rubygems.org/
  specs:
    dgate (1.0.2)
      httpclient (~> 2.2.5)
      json (~> 1.8.2)
    httpclient (2.2.7)
    json (1.8.2)
    rake (10.3.1)

PLATFORMS
  ruby

DEPENDENCIES
  motion-deploygate!
  rake
